GEM
  remote: https://rubygems.org/
  specs:
    async (2.1.0)
      console (~> 1.10)
      io-event (~> 1.0.0)
      timers (~> 4.1)
    async-io (1.34.0)
      async
    async-pool (0.3.12)
      async (>= 1.25)
    async-redis (0.7.0)
      async (>= 1.8, < 3.0)
      async-io (~> 1.10)
      async-pool (~> 0.2)
      protocol-redis (~> 0.6.0)
    connection_pool (2.3.0)
    console (1.15.3)
      fiber-local
    fiber-local (1.0.0)
    io-event (1.0.9)
    protocol-redis (0.6.1)
    redis (5.0.4)
      redis-client (>= 0.7.4)
    redis-client (0.8.1)
      connection_pool
    timers (4.3.4)

PLATFORMS
  arm64-darwin-21

DEPENDENCIES
  async-pool
  async-redis
  redis

BUNDLED WITH
   2.3.7
