GEM
  remote: https://rubygems.org/
  specs:
    async (2.3.0)
      console (~> 1.10)
      io-event (~> 1.1)
      timers (~> 4.1)
    async-io (1.34.0)
      async
    async-pool (0.3.12)
      async (>= 1.25)
    async-redis (0.7.0)
      async (>= 1.8, < 3.0)
      async-io (~> 1.10)
      async-pool (~> 0.2)
      protocol-redis (~> 0.6.0)
    concurrent-ruby (1.1.10)
    connection_pool (2.3.0)
    console (1.16.2)
      fiber-local
    debug (1.6.2)
      irb (>= 1.3.6)
      reline (>= 0.3.1)
    diff-lcs (1.5.0)
    fiber-local (1.0.0)
    heap-profiler (0.6.0)
    io-console (0.5.11)
    io-event (1.1.4)
    irb (1.4.1)
      reline (>= 0.3.0)
    protocol-redis (0.6.1)
    rack (3.0.0)
    rackup (0.2.2)
      rack (>= 3.0.0.beta1)
      webrick
    redis-client (0.11.2)
      connection_pool
    reline (0.3.1)
      io-console (~> 0.5)
    rspec (3.12.0)
      rspec-core (~> 3.12.0)
      rspec-expectations (~> 3.12.0)
      rspec-mocks (~> 3.12.0)
    rspec-core (3.12.0)
      rspec-support (~> 3.12.0)
    rspec-expectations (3.12.0)
      diff-lcs (>= 1.2.0, < 2.0)
      rspec-support (~> 3.12.0)
    rspec-mocks (3.12.0)
      diff-lcs (>= 1.2.0, < 2.0)
      rspec-support (~> 3.12.0)
    rspec-support (3.12.0)
    ruby-prof (1.4.4)
    sidekiq (7.0.2)
      concurrent-ruby (< 2)
      connection_pool (>= 2.3.0)
      rack (>= 2.2.4)
      redis-client (>= 0.11.0)
    timers (4.3.5)
    webrick (1.7.0)

PLATFORMS
  arm64-darwin-21
  x86_64-linux

DEPENDENCIES
  async (~> 2.3)
  async-io
  async-redis
  debug (~> 1.6)
  heap-profiler
  rack
  rackup
  redis-client
  rspec
  ruby-prof
  sidekiq

BUNDLED WITH
   2.3.7
