GEM
  remote: https://rubygems.org/
  specs:
    async (2.1.0)
      console (~> 1.10)
      io-event (~> 1.0.0)
      timers (~> 4.1)
    async-io (1.34.0)
      async
    async-pool (0.3.12)
      async (>= 1.25)
    async-redis (0.7.0)
      async (>= 1.8, < 3.0)
      async-io (~> 1.10)
      async-pool (~> 0.2)
      protocol-redis (~> 0.6.0)
    console (1.15.3)
      fiber-local
    debug (1.6.2)
      irb (>= 1.3.6)
      reline (>= 0.3.1)
    fiber-local (1.0.0)
    io-console (0.5.11)
    io-event (1.0.9)
    irb (1.4.1)
      reline (>= 0.3.0)
    protocol-redis (0.6.1)
    rack (3.0.0)
    reline (0.3.1)
      io-console (~> 0.5)
    timers (4.3.4)

PLATFORMS
  arm64-darwin-21

DEPENDENCIES
  async-pool
  async-redis
  debug (~> 1.6)
  rack

BUNDLED WITH
   2.3.7
